ObjectType = Image
NDims = 3
BinaryData = True
BinaryDataByteOrderMSB = False
CompressedData = False
TransformMatrix = -1 0 0 0 -1 0 0 0 1
Offset = 98 134 -72
CenterOfRotation = 0 0 0
AnatomicalOrientation = LPI
ElementSpacing = 1 1 1
DimSize = 197 233 189
ElementType = MET_SHORT
ElementDataFile = result.0.raw
